PATH
  remote: .
  specs:
    afterbanks-psd2-api-ruby (0.1.0)

GEM
  remote: https://rubygems.org/
  specs:
    rake (13.0.3)

PLATFORMS
  ruby

DEPENDENCIES
  afterbanks-psd2-api-ruby!
  bundler
  rake

BUNDLED WITH
   2.1.4
